GEM
  remote: http://rubygems.org/
  specs:
    coffee-script (2.2.0)
      coffee-script-source
      execjs
    coffee-script-source (1.3.3)
    execjs (1.4.0)
      multi_json (~> 1.0)
    grabass (0.2.0)
    multi_json (1.3.5)
    sass (3.1.18)

PLATFORMS
  ruby

DEPENDENCIES
  coffee-script
  grabass
  sass
